GEM
  remote: https://rubygems.org/
  specs:
    daemons (1.2.4)
    eventmachine (1.2.0.1)
    ffi (1.9.12)
    json (1.8.3)
    mina (1.0.0)
      open4 (~> 1.3.4)
      rake
    open4 (1.3.4)
    pocketsphinx-ruby (0.3.0)
      ffi (>= 1.9)
    rack (1.6.4)
    rack-protection (1.5.3)
      rack
    rake (10.4.2)
    sinatra (1.4.7)
      rack (~> 1.5)
      rack-protection (~> 1.4)
      tilt (>= 1.3, < 3)
    thin (1.7.0)
      daemons (~> 1.0, >= 1.0.9)
      eventmachine (~> 1.0, >= 1.0.4)
      rack (>= 1, < 3)
    tilt (2.0.2)

PLATFORMS
  ruby

DEPENDENCIES
  json
  mina
  pocketsphinx-ruby
  sinatra
  thin

BUNDLED WITH
   1.12.5
