GEM
  remote: https://rubygems.org/
  specs:
    ffi (1.9.12)
    json (1.8.3)
    pocketsphinx-ruby (0.3.0)
      ffi (>= 1.9)
    rack (1.6.4)
    rack-protection (1.5.3)
      rack
    sinatra (1.4.7)
      rack (~> 1.5)
      rack-protection (~> 1.4)
      tilt (>= 1.3, < 3)
    tilt (2.0.2)

PLATFORMS
  ruby

DEPENDENCIES
  json
  pocketsphinx-ruby
  sinatra

BUNDLED WITH
   1.10.4
